GEM
  remote: http://rubygems.org/
  specs:
    chunky_png (1.2.1)
    compass (0.11.5)
      chunky_png (~> 1.2)
      fssm (>= 0.2.7)
      sass (~> 3.1)
    css_parser (1.1.9)
    diff-lcs (1.1.2)
    fssm (0.2.7)
    git (1.2.5)
    haml (3.1.2)
    htmlentities (4.3.0)
    jeweler (1.6.4)
      bundler (~> 1.0)
      git (>= 1.2.5)
      rake
    nokogiri (1.5.0)
    premailer (1.7.1)
      css_parser (>= 1.1.9)
      htmlentities (>= 4.0.0)
    rack (1.3.2)
    rake (0.8.7)
    rcov (0.9.10)
    rspec (2.3.0)
      rspec-core (~> 2.3.0)
      rspec-expectations (~> 2.3.0)
      rspec-mocks (~> 2.3.0)
    rspec-core (2.3.1)
    rspec-expectations (2.3.0)
      diff-lcs (~> 1.1.2)
    rspec-mocks (2.3.0)
    sass (3.1.7)
    staticmatic (0.11.1)
      compass (>= 0.10.0)
      haml (>= 2.0.0)
      rack (>= 1.0)

PLATFORMS
  ruby

DEPENDENCIES
  bundler (~> 1.0.0)
  haml
  jeweler (~> 1.6.4)
  nokogiri
  premailer
  rake (= 0.8.7)
  rcov
  rspec (~> 2.3.0)
  sass
  staticmatic
